PATH
  remote: .
  specs:
    resque (1.15.0)
      hoptoad_notifier (~> 2.4.9)
      json (~> 1.4.6)
      redis-namespace (>= 0.10.0)
      sinatra (>= 0.9.2)
      vegas (~> 0.1.2)

GEM
  remote: http://rubygems.org/
  specs:
    activesupport (3.0.7)
    builder (3.0.0)
    hoptoad_notifier (2.4.9)
      activesupport
      builder
    json (1.4.6)
    mocha (0.9.7)
      rake
    rack (1.2.2)
    rack-test (0.5.7)
      rack (>= 1.0)
    rake (0.8.7)
    redis (2.2.0)
    redis-namespace (0.10.0)
      redis (< 3.0.0)
    sinatra (1.2.6)
      rack (~> 1.1)
      tilt (>= 1.2.2, < 2.0)
    tilt (1.3)
    vegas (0.1.8)
      rack (>= 1.0.0)

PLATFORMS
  ruby

DEPENDENCIES
  mocha (~> 0.9.7)
  rack-test (~> 0.5)
  resque!
